GEM
  remote: http://rubygems.org/
  specs:
    activesupport (3.1.3)
      multi_json (~> 1.0)
    addressable (2.2.6)
    bcrypt-ruby (3.0.1)
    data_mapper (1.2.0)
      dm-aggregates (~> 1.2.0)
      dm-constraints (~> 1.2.0)
      dm-core (~> 1.2.0)
      dm-migrations (~> 1.2.0)
      dm-serializer (~> 1.2.0)
      dm-timestamps (~> 1.2.0)
      dm-transactions (~> 1.2.0)
      dm-types (~> 1.2.0)
      dm-validations (~> 1.2.0)
    data_objects (0.10.7)
      addressable (~> 2.1)
    diff-lcs (1.1.3)
    dm-aggregates (1.2.0)
      dm-core (~> 1.2.0)
    dm-constraints (1.2.0)
      dm-core (~> 1.2.0)
    dm-core (1.2.0)
      addressable (~> 2.2.6)
    dm-do-adapter (1.2.0)
      data_objects (~> 0.10.6)
      dm-core (~> 1.2.0)
    dm-migrations (1.2.0)
      dm-core (~> 1.2.0)
    dm-postgres-adapter (1.2.0)
      dm-do-adapter (~> 1.2.0)
      do_postgres (~> 0.10.6)
    dm-serializer (1.2.1)
      dm-core (~> 1.2.0)
      fastercsv (~> 1.5.4)
      json (~> 1.6.1)
      json_pure (~> 1.6.1)
      multi_json (~> 1.0.3)
    dm-timestamps (1.2.0)
      dm-core (~> 1.2.0)
    dm-transactions (1.2.0)
      dm-core (~> 1.2.0)
    dm-types (1.2.1)
      bcrypt-ruby (~> 3.0.0)
      dm-core (~> 1.2.0)
      fastercsv (~> 1.5.4)
      json (~> 1.6.1)
      multi_json (~> 1.0.3)
      stringex (~> 1.3.0)
      uuidtools (~> 2.1.2)
    dm-validations (1.2.0)
      dm-core (~> 1.2.0)
    do_postgres (0.10.7)
      data_objects (= 0.10.7)
    faraday (0.7.5)
      addressable (~> 2.2.6)
      multipart-post (~> 1.1.3)
      rack (>= 1.1.0, < 2)
    fastercsv (1.5.4)
    guard (0.8.8)
      thor (~> 0.14.6)
    guard-rspec (0.5.8)
      guard (>= 0.8.4)
    haml (3.1.4)
    heroku (2.14.0)
      launchy (>= 0.3.2)
      rest-client (~> 1.6.1)
      rubyzip
      term-ansicolor (~> 1.0.5)
    json (1.6.2)
    json_pure (1.6.2)
    launchy (2.0.5)
      addressable (~> 2.2.6)
    mime-types (1.17.2)
    multi_json (1.0.4)
    multipart-post (1.1.4)
    rack (1.3.5)
    rack-protection (1.1.4)
      rack
    rack-test (0.6.1)
      rack (>= 1.0)
    rake (0.9.2.2)
    rest-client (1.6.7)
      mime-types (>= 1.16)
    rspec (2.7.0)
      rspec-core (~> 2.7.0)
      rspec-expectations (~> 2.7.0)
      rspec-mocks (~> 2.7.0)
    rspec-core (2.7.1)
    rspec-expectations (2.7.0)
      diff-lcs (~> 1.1.2)
    rspec-mocks (2.7.0)
    rubyzip (0.9.5)
    simple_oauth (0.1.5)
    sinatra (1.3.1)
      rack (~> 1.3, >= 1.3.4)
      rack-protection (~> 1.1, >= 1.1.2)
      tilt (~> 1.3, >= 1.3.3)
    stringex (1.3.0)
    term-ansicolor (1.0.7)
    thor (0.14.6)
    tilt (1.3.3)
    twitter (2.0.0)
      activesupport (~> 3.0)
      faraday (~> 0.7)
      multi_json (~> 1.0)
      simple_oauth (~> 0.1)
      twitter-text (~> 1.4)
    twitter-text (1.4.13)
      activesupport
    uuidtools (2.1.2)

PLATFORMS
  ruby

DEPENDENCIES
  data_mapper
  dm-postgres-adapter
  guard
  guard-rspec
  haml
  heroku
  rack-test
  rake
  rspec
  sinatra
  twitter
